PATH
  remote: .
  specs:
    todolist_project (1.0.0)

GEM
  remote: https://rubygems.org/
  specs:
    ansi (1.5.0)
    builder (3.2.3)
    docile (1.3.2)
    json (2.3.1)
    minitest (5.11.3)
    minitest-reporters (1.3.8)
      ansi
      builder
      minitest (>= 5.0)
      ruby-progressbar
    rake (12.3.3)
    ruby-progressbar (1.10.1)
    simplecov (0.17.0)
      docile (~> 1.1)
      json (>= 1.8, < 3)
      simplecov-html (~> 0.10.0)
    simplecov-html (0.10.2)
    stamp (0.6.0)

PLATFORMS
  ruby

DEPENDENCIES
  minitest (~> 5.11)
  minitest-reporters (~> 1.3)
  rake
  simplecov (~> 0.17)
  simplecov-html (~> 0.10)
  stamp
  todolist_project!

RUBY VERSION
   ruby 2.2.0p0

BUNDLED WITH
   1.16.6
